GEM
  specs:
    term-ansicolor (1.3.2)
      tins (~> 1.0)
    tins (1.6.0)

PLATFORMS
  ruby

DEPENDENCIES
  term-ansicolor

BUNDLED WITH
   1.10.6
